GEM
  remote: https://rubygems.org/
  specs:
    addressable (2.8.6)
      public_suffix (>= 2.0.2, < 6.0)
    ast (2.4.2)
    bindata (2.5.0)
    bootsnap (1.18.3)
      msgpack (~> 1.2)
    byebug (11.1.3)
    coderay (1.1.3)
    commander (4.6.0)
      highline (~> 2.0.0)
    diff-lcs (1.5.1)
    docile (1.4.0)
    elftools (1.3.0)
      bindata (~> 2)
    erubi (1.12.0)
    hana (1.3.7)
    highline (2.0.3)
    json (2.7.1)
    json_schemer (2.1.1)
      hana (~> 1.3)
      regexp_parser (~> 2.0)
      simpleidn (~> 0.2)
    kramdown (2.4.0)
      rexml
    language_server-protocol (3.17.0.3)
    method_source (1.0.0)
    minitest (5.22.3)
    msgpack (1.7.2)
    netrc (0.11.0)
    parallel (1.24.0)
    parallel_tests (4.6.0)
      parallel
    parlour (8.1.0)
      commander (~> 4.5)
      parser
      rainbow (~> 3.0)
      sorbet-runtime (>= 0.5)
    parser (3.3.0.5)
      ast (~> 2.4.1)
      racc
    patchelf (1.5.0)
      elftools (>= 1.3)
    plist (3.7.1)
    prettier_print (1.2.1)
    prism (0.24.0)
    pry (0.14.2)
      coderay (~> 1.1)
      method_source (~> 1.0)
    public_suffix (5.0.4)
    racc (1.7.3)
    rainbow (3.1.1)
    rbi (0.1.9)
      prism (>= 0.18.0, < 0.25)
      sorbet-runtime (>= 0.5.9204)
    regexp_parser (2.9.0)
    rexml (3.2.6)
    rspec (3.13.0)
      rspec-core (~> 3.13.0)
      rspec-expectations (~> 3.13.0)
      rspec-mocks (~> 3.13.0)
    rspec-core (3.13.0)
      rspec-support (~> 3.13.0)
    rspec-expectations (3.13.0)
      diff-lcs (>= 1.2.0, < 2.0)
      rspec-support (~> 3.13.0)
    rspec-github (2.4.0)
      rspec-core (~> 3.0)
    rspec-mocks (3.13.0)
      diff-lcs (>= 1.2.0, < 2.0)
      rspec-support (~> 3.13.0)
    rspec-retry (0.6.2)
      rspec-core (> 3.3)
    rspec-sorbet (1.9.2)
      sorbet-runtime
    rspec-support (3.13.1)
    rspec_junit_formatter (0.6.0)
      rspec-core (>= 2, < 4, != 2.12.0)
    rubocop (1.62.1)
      json (~> 2.3)
      language_server-protocol (>= 3.17.0)
      parallel (~> 1.10)
      parser (>= 3.3.0.2)
      rainbow (>= 2.2.2, < 4.0)
      regexp_parser (>= 1.8, < 3.0)
      rexml (>= 3.2.5, < 4.0)
      rubocop-ast (>= 1.31.1, < 2.0)
      ruby-progressbar (~> 1.7)
      unicode-display_width (>= 2.4.0, < 3.0)
    rubocop-ast (1.31.2)
      parser (>= 3.3.0.4)
    rubocop-capybara (2.20.0)
      rubocop (~> 1.41)
    rubocop-factory_bot (2.25.1)
      rubocop (~> 1.41)
    rubocop-md (1.2.2)
      rubocop (>= 1.0)
    rubocop-performance (1.20.2)
      rubocop (>= 1.48.1, < 2.0)
      rubocop-ast (>= 1.30.0, < 2.0)
    rubocop-rspec (2.27.1)
      rubocop (~> 1.40)
      rubocop-capybara (~> 2.17)
      rubocop-factory_bot (~> 2.22)
    rubocop-sorbet (0.8.0)
      rubocop (>= 0.90.0)
    ruby-macho (4.0.1)
    ruby-prof (1.7.0)
    ruby-progressbar (1.13.0)
    simplecov (0.22.0)
      docile (~> 1.1)
      simplecov-html (~> 0.11)
      simplecov_json_formatter (~> 0.1)
    simplecov-cobertura (2.1.0)
      rexml
      simplecov (~> 0.19)
    simplecov-html (0.12.3)
    simplecov_json_formatter (0.1.4)
    simpleidn (0.2.1)
      unf (~> 0.1.4)
    sorbet (0.5.11305)
      sorbet-static (= 0.5.11305)
    sorbet-runtime (0.5.11305)
    sorbet-static (0.5.11305-aarch64-linux)
    sorbet-static (0.5.11305-universal-darwin)
    sorbet-static (0.5.11305-x86_64-linux)
    sorbet-static-and-runtime (0.5.11305)
      sorbet (= 0.5.11305)
      sorbet-runtime (= 0.5.11305)
    spoom (1.2.4)
      erubi (>= 1.10.0)
      sorbet-static-and-runtime (>= 0.5.10187)
      syntax_tree (>= 6.1.1)
      thor (>= 0.19.2)
    stackprof (0.2.26)
    syntax_tree (6.2.0)
      prettier_print (>= 1.2.0)
    tapioca (0.12.0)
      bundler (>= 2.2.25)
      netrc (>= 0.11.0)
      parallel (>= 1.21.0)
      rbi (>= 0.1.4, < 0.2)
      sorbet-static-and-runtime (>= 0.5.10820)
      spoom (~> 1.2.0, >= 1.2.0)
      thor (>= 1.2.0)
      yard-sorbet
    thor (1.3.1)
    unf (0.1.4)
      unf_ext
    unf_ext (0.0.9.1)
    unicode-display_width (2.5.0)
    warning (1.3.0)
    yard (0.9.36)
    yard-sorbet (0.8.1)
      sorbet-runtime (>= 0.5)
      yard (>= 0.9)

PLATFORMS
  aarch64-linux
  arm-linux
  arm64-darwin
  x86_64-darwin
  x86_64-linux

DEPENDENCIES
  addressable
  bootsnap
  byebug
  json_schemer
  kramdown
  method_source
  minitest
  parallel_tests
  parlour
  patchelf
  plist
  pry
  rexml
  rspec
  rspec-github
  rspec-retry
  rspec-sorbet
  rspec_junit_formatter
  rubocop
  rubocop-ast
  rubocop-md
  rubocop-performance
  rubocop-rspec
  rubocop-sorbet
  ruby-macho
  ruby-prof
  ruby-progressbar
  simplecov
  simplecov-cobertura
  sorbet-runtime
  sorbet-static-and-runtime
  spoom
  stackprof
  tapioca
  warning

RUBY VERSION
   ruby 3.1.4p223

BUNDLED WITH
   2.4.18
